GIT
  remote: git://github.com/sferik/mtgox.git
  revision: fe3957882a7ad8371fcbb890ead8f6216ae6c9c6
  branch: master
  specs:
    mtgox (0.9.0)
      faraday (~> 0.8, < 0.10)
      multi_json (~> 1.0)

GEM
  remote: https://rubygems.org/
  specs:
    faraday (0.8.7)
      multipart-post (~> 1.1)
    multi_json (1.7.2)
    multipart-post (1.2.0)

PLATFORMS
  ruby

DEPENDENCIES
  mtgox!
